GEM
  remote: http://rubygems.org/
  specs:
    dream_cheeky (0.3.1)
      pkg-config
    mqtt (0.3.1)
    pkg-config (1.1.6)

PLATFORMS
  ruby

DEPENDENCIES
  dream_cheeky
  mqtt

BUNDLED WITH
   1.10.6
